GIT
  remote: https://github.com/markuspg/batir
  revision: 8e27a7dbacb740b50ef9172efbff482def4f585e
  tag: 1.0.0
  specs:
    batir (1.0.0)
      systemu (~> 2.6.0)

GEM
  remote: https://rubygems.org/
  specs:
    ast (2.4.2)
    coderay (1.1.3)
    coveralls (0.8.23)
      json (>= 1.8, < 3)
      simplecov (~> 0.16.1)
      term-ansicolor (~> 1.3)
      thor (>= 0.19.4, < 2.0)
      tins (~> 1.6)
    docile (1.3.5)
    highline (2.0.3)
    hoe (3.22.3)
      rake (>= 0.8, < 15.0)
    json (2.5.1)
    method_source (1.0.0)
    mocha (1.12.0)
    parallel (1.20.1)
    parser (3.0.0.0)
      ast (~> 2.4.1)
    power_assert (2.0.0)
    pry (0.13.1)
      coderay (~> 1.1)
      method_source (~> 1.0)
    rainbow (3.0.0)
    rake (13.0.3)
    rdoc (6.3.0)
    regexp_parser (2.0.3)
    rexml (3.2.4)
    rubocop (1.9.1)
      parallel (~> 1.10)
      parser (>= 3.0.0.0)
      rainbow (>= 2.2.2, < 4.0)
      regexp_parser (>= 1.8, < 3.0)
      rexml
      rubocop-ast (>= 1.2.0, < 2.0)
      ruby-progressbar (~> 1.7)
      unicode-display_width (>= 1.4.0, < 3.0)
    rubocop-ast (1.4.1)
      parser (>= 2.7.1.5)
    ruby-progressbar (1.11.0)
    simplecov (0.16.1)
      docile (~> 1.1)
      json (>= 1.8, < 3)
      simplecov-html (~> 0.10.0)
    simplecov-html (0.10.2)
    sync (0.5.0)
    systemu (2.6.5)
    term-ansicolor (1.7.1)
      tins (~> 1.0)
    test-unit (3.4.0)
      power_assert
    thor (1.1.0)
    tins (1.28.0)
      sync
    unicode-display_width (2.0.0)

PLATFORMS
  x86_64-linux

DEPENDENCIES
  batir!
  coveralls (~> 0.8.0)
  highline (~> 2.0.0)
  hoe (~> 3.22.0)
  mocha (~> 1.12.0)
  pry (~> 0.13.0)
  rdoc (~> 6.3.0)
  rubocop (~> 1.9.0)
  test-unit (~> 3.4.0)

BUNDLED WITH
   2.2.8
