GEM
  remote: https://rubygems.org/
  specs:
    coderay (1.1.3)
    coveralls (0.8.23)
      json (>= 1.8, < 3)
      simplecov (~> 0.16.1)
      term-ansicolor (~> 1.3)
      thor (>= 0.19.4, < 2.0)
      tins (~> 1.6)
    docile (1.3.2)
    highline (2.0.3)
    hoe (3.20.0)
      rake (>= 0.8, < 15.0)
    json (2.3.1)
    method_source (1.0.0)
    mocha (1.11.2)
    patir (0.9.0)
      systemu (~> 2.6)
    power_assert (1.2.0)
    pry (0.13.1)
      coderay (~> 1.1)
      method_source (~> 1.0)
    rake (13.0.1)
    rdoc (6.1.2)
    simplecov (0.16.1)
      docile (~> 1.1)
      json (>= 1.8, < 3)
      simplecov-html (~> 0.10.0)
    simplecov-html (0.10.2)
    sync (0.5.0)
    systemu (2.6.5)
    term-ansicolor (1.7.1)
      tins (~> 1.0)
    test-unit (3.3.6)
      power_assert
    thor (1.0.1)
    tins (1.25.0)
      sync

PLATFORMS
  ruby

DEPENDENCIES
  coveralls (~> 0.8.23)
  highline (~> 2.0.3)
  hoe (~> 3.20.0)
  mocha (~> 1.11.2)
  patir (~> 0.9.0)
  pry (~> 0.13.1)
  rdoc (~> 6.1.1)
  test-unit (~> 3.3.6)

BUNDLED WITH
   1.17.3
